GEM
  remote: https://rubygems.org/
  specs:
    sass (3.4.7)

PLATFORMS
  java
  ruby

DEPENDENCIES
  sass (~> 3.4.0)
